GEM
  remote: https://rubygems.org/
  specs:
    git (1.5.0)
    rake (12.3.1)
    semantic (1.6.1)

PLATFORMS
  ruby
  x86_64-darwin-18

DEPENDENCIES
  git (~> 1.5)
  rake (~> 12.3)
  semantic (~> 1.6)

BUNDLED WITH
   2.0.2
